PATH
  remote: .
  specs:
    omniauth-goldstar (1.0.0)
      json (~> 1.8)
      omniauth-oauth2 (~> 1.5)

GEM
  remote: https://rubygems.org/
  specs:
    coderay (1.1.0)
    diff-lcs (1.2.5)
    faraday (2.5.2)
      faraday-net_http (>= 2.0, < 3.1)
      ruby2_keywords (>= 0.0.4)
    faraday-net_http (3.0.0)
    hashie (5.0.0)
    json (1.8.6)
    jwt (2.5.0)
    method_source (0.8.2)
    multi_xml (0.6.0)
    oauth2 (2.0.7)
      faraday (>= 0.17.3, < 3.0)
      jwt (>= 1.0, < 3.0)
      multi_xml (~> 0.5)
      rack (>= 1.2, < 3)
      rash_alt (>= 0.4, < 1)
      version_gem (~> 1.1)
    omniauth (2.1.0)
      hashie (>= 3.4.6)
      rack (>= 2.2.3)
      rack-protection
    omniauth-oauth2 (1.8.0)
      oauth2 (>= 1.4, < 3)
      omniauth (~> 2.0)
    pry (0.10.1)
      coderay (~> 1.1.0)
      method_source (~> 0.8.1)
      slop (~> 3.4)
    rack (2.2.4)
    rack-protection (2.2.2)
      rack
    rake (10.4.2)
    rash_alt (0.4.12)
      hashie (>= 3.4)
    rspec (3.3.0)
      rspec-core (~> 3.3.0)
      rspec-expectations (~> 3.3.0)
      rspec-mocks (~> 3.3.0)
    rspec-core (3.3.2)
      rspec-support (~> 3.3.0)
    rspec-expectations (3.3.1)
      diff-lcs (>= 1.2.0, < 2.0)
      rspec-support (~> 3.3.0)
    rspec-mocks (3.3.2)
      diff-lcs (>= 1.2.0, < 2.0)
      rspec-support (~> 3.3.0)
    rspec-support (3.3.0)
    rspec_junit_formatter (0.5.1)
      rspec-core (>= 2, < 4, != 2.12.0)
    ruby2_keywords (0.0.5)
    slop (3.6.0)
    version_gem (1.1.0)

PLATFORMS
  ruby

DEPENDENCIES
  bundler (= 1.17.3)
  omniauth-goldstar!
  pry
  rake (~> 10.0)
  rspec (~> 3.0)
  rspec_junit_formatter

BUNDLED WITH
   1.17.1
